GEM
  remote: https://rubygems.org/
  specs:
    wayback_machine_downloader (1.1.3)

PLATFORMS
  ruby

DEPENDENCIES
  wayback_machine_downloader

BUNDLED WITH
   1.13.6
